GEM
  remote: https://rubygems.org/
  remote: https://rails-assets.org/
  specs:
    autoprefixer-rails (5.1.10)
      execjs
      json
    backports (3.6.4)
    coffee-script (2.4.1)
      coffee-script-source
      execjs
    coffee-script-source (1.9.1.1)
    execjs (2.5.2)
    hike (1.2.3)
    json (1.8.2)
    multi_json (1.11.0)
    puma (2.11.2)
      rack (>= 1.1, < 2.0)
    rack (1.6.0)
    rack-protection (1.5.3)
      rack
    rack-test (0.6.3)
      rack (>= 1.0)
    rails-assets-bootstrap (3.3.4)
      rails-assets-jquery (>= 1.9.1)
    rails-assets-jquery (2.1.3)
    rake (10.4.2)
    sass (3.4.13)
    sinatra (1.4.5)
      rack (~> 1.4)
      rack-protection (~> 1.4)
      tilt (~> 1.3, >= 1.3.4)
    sinatra-asset-pipeline (0.7.0)
      coffee-script (~> 2.3)
      rake (~> 10.0)
      sass (~> 3.1)
      sinatra (~> 1.4)
      sprockets (~> 2.12)
      sprockets-helpers (~> 1.1)
      sprockets-sass (~> 1.2)
    sinatra-contrib (1.4.2)
      backports (>= 2.0)
      multi_json
      rack-protection
      rack-test
      sinatra (~> 1.4.0)
      tilt (~> 1.3)
    slim (3.0.2)
      temple (~> 0.7.3)
      tilt (>= 1.3.3, < 2.1)
    sprockets (2.12.3)
      hike (~> 1.2)
      multi_json (~> 1.0)
      rack (~> 1.0)
      tilt (~> 1.1, != 1.3.0)
    sprockets-helpers (1.1.0)
      sprockets (~> 2.0)
    sprockets-sass (1.3.1)
      sprockets (~> 2.0)
      tilt (~> 1.1)
    temple (0.7.5)
    tilt (1.4.1)
    uglifier (2.7.1)
      execjs (>= 0.3.0)
      json (>= 1.8.0)

PLATFORMS
  ruby

DEPENDENCIES
  autoprefixer-rails
  bundler
  puma
  rails-assets-bootstrap!
  rails-assets-jquery!
  sinatra
  sinatra-asset-pipeline
  sinatra-contrib
  slim
  uglifier
